GIT
  remote: git://github.com/fog/fog.git
<<<<<<< HEAD
  revision: 47216cc22ec560a2f0e8851453b95eb9d9521be3
  specs:
    fog (1.11.1)
      builder
      excon (~> 0.22.1)
      formatador (~> 0.2.0)
      mime-types
      multi_json (~> 1.0)
=======
  revision: a83c5eca4bee3a0551fad716ee8d8b3e69466732
  specs:
    fog (1.10.1)
      builder
      excon (~> 0.20)
      formatador (~> 0.2.0)
      json (~> 1.7)
      mime-types
>>>>>>> c5fc909539773b77110672c4a55a14a7215f7915
      net-scp (~> 1.1)
      net-ssh (>= 2.1.3)
      nokogiri (~> 1.5.0)
      ruby-hmac

GIT
  remote: git://github.com/seyhunak/twitter-bootstrap-rails.git
  revision: 0afff97ed0ce327688b0b049acc9744b3835ff37
  specs:
    twitter-bootstrap-rails (2.2.7)
      actionpack (>= 3.1)
      execjs
      rails (>= 3.1)
      railties (>= 3.1)

GIT
  remote: https://github.com/getsentry/raven-ruby.git
<<<<<<< HEAD
  revision: c20198c878ed211aaa7f13e26ca81005397efa94
  specs:
    sentry-raven (0.4.8)
      faraday (>= 0.7.6)
      hashie (>= 1.1.0)
=======
  revision: ead49c8d8a6ff99260827f9267bd3bda33a5993e
  specs:
    sentry-raven (0.4.5)
      faraday (>= 0.7.6)
      hashie
>>>>>>> c5fc909539773b77110672c4a55a14a7215f7915
      multi_json (~> 1.0)
      uuidtools

GIT
  remote: https://github.com/sferik/rails_admin.git
  revision: a4cbb4c7d2bcf260984c400c7b4c9fdc3f67b872
  specs:
    rails_admin (0.4.9)
      bootstrap-sass (~> 2.2)
      builder (~> 3.0)
      coffee-rails (>= 3.1, < 5)
      font-awesome-rails (~> 3.0)
      haml (~> 4.0)
      jquery-rails (>= 2.1, < 4)
      jquery-ui-rails (>= 3.0, < 5)
      kaminari (~> 0.14)
      nested_form (~> 0.3)
      rack-pjax (~> 0.6)
      rails (~> 3.1)
      remotipart (~> 1.0)
      safe_yaml (~> 0.6)
      sass-rails (~> 3.1)

GEM
  remote: https://rubygems.org/
  specs:
    actionmailer (3.2.12)
      actionpack (= 3.2.12)
      mail (~> 2.4.4)
    actionpack (3.2.12)
      activemodel (= 3.2.12)
      activesupport (= 3.2.12)
      builder (~> 3.0.0)
      erubis (~> 2.7.0)
      journey (~> 1.0.4)
      rack (~> 1.4.5)
      rack-cache (~> 1.2)
      rack-test (~> 0.6.1)
      sprockets (~> 2.2.1)
    activemodel (3.2.12)
      activesupport (= 3.2.12)
      builder (~> 3.0.0)
    activerecord (3.2.12)
      activemodel (= 3.2.12)
      activesupport (= 3.2.12)
      arel (~> 3.0.2)
      tzinfo (~> 0.3.29)
    activeresource (3.2.12)
      activemodel (= 3.2.12)
      activesupport (= 3.2.12)
    activesupport (3.2.12)
      i18n (~> 0.6)
      multi_json (~> 1.0)
    arel (3.0.2)
<<<<<<< HEAD
=======
    asset_sync (0.5.4)
      activemodel
      fog
>>>>>>> c5fc909539773b77110672c4a55a14a7215f7915
    aws-s3 (0.6.3)
      builder
      mime-types
      xml-simple
<<<<<<< HEAD
    aws-sdk (1.11.0)
=======
    aws-sdk (1.8.5)
>>>>>>> c5fc909539773b77110672c4a55a14a7215f7915
      json (~> 1.4)
      nokogiri (>= 1.4.4)
      uuidtools (~> 2.1)
    bcrypt-ruby (3.0.1)
<<<<<<< HEAD
    bcrypt-ruby (3.0.1-x86-mingw32)
    bootstrap-sass (2.3.1.3)
      sass (~> 3.2)
    builder (3.0.4)
    cancan (1.6.10)
=======
    bootstrap-sass (2.3.1.3)
      sass (~> 3.2)
    builder (3.0.4)
    cancan (1.6.9)
>>>>>>> c5fc909539773b77110672c4a55a14a7215f7915
    climate_control (0.0.3)
      activesupport (>= 3.0)
    cocaine (0.5.1)
      climate_control (>= 0.0.3, < 1.0)
    coffee-rails (3.2.2)
      coffee-script (>= 2.2.0)
      railties (~> 3.2.0)
    coffee-script (2.2.0)
      coffee-script-source
      execjs
    coffee-script-source (1.6.1)
    columnize (0.3.6)
    daemons (1.1.9)
    debugger (1.4.0)
      columnize (>= 0.3.1)
      debugger-linecache (~> 1.1.1)
      debugger-ruby_core_source (~> 1.2.0)
    debugger-linecache (1.1.2)
      debugger-ruby_core_source (>= 1.1.1)
    debugger-ruby_core_source (1.2.0)
<<<<<<< HEAD
    devise (2.2.4)
=======
    devise (2.2.3)
>>>>>>> c5fc909539773b77110672c4a55a14a7215f7915
      bcrypt-ruby (~> 3.0)
      orm_adapter (~> 0.1)
      railties (~> 3.1)
      warden (~> 1.2.1)
<<<<<<< HEAD
    diff-lcs (1.2.4)
    erubis (2.7.0)
    eventmachine (1.0.3)
    eventmachine (1.0.3-x86-mingw32)
    excon (0.22.1)
=======
    diff-lcs (1.1.3)
    erubis (2.7.0)
    eventmachine (1.0.0)
    excon (0.20.1)
>>>>>>> c5fc909539773b77110672c4a55a14a7215f7915
    execjs (1.4.0)
      multi_json (~> 1.0)
    faraday (0.8.7)
      multipart-post (~> 1.1)
    font-awesome-rails (3.1.1.3)
      railties (>= 3.2, < 5.0)
    formatador (0.2.4)
    haml (4.0.3)
      tilt
<<<<<<< HEAD
    hashie (2.0.5)
=======
    hashie (2.0.3)
>>>>>>> c5fc909539773b77110672c4a55a14a7215f7915
    hike (1.2.1)
    i18n (0.6.4)
    journey (1.0.4)
    jquery-rails (2.2.1)
      railties (>= 3.0, < 5.0)
      thor (>= 0.14, < 2.0)
    jquery-ui-rails (4.0.3)
      jquery-rails
      railties (>= 3.1.0)
    json (1.7.7)
    kaminari (0.14.1)
      actionpack (>= 3.0.0)
      activesupport (>= 3.0.0)
<<<<<<< HEAD
=======
    kgio (2.8.0)
    libv8 (3.11.8.17)
>>>>>>> c5fc909539773b77110672c4a55a14a7215f7915
    mail (2.4.4)
      i18n (>= 0.4.0)
      mime-types (~> 1.16)
      treetop (~> 1.4.8)
    metaclass (0.0.1)
    mime-types (1.21)
<<<<<<< HEAD
    mocha (0.14.0)
=======
    mocha (0.13.1)
>>>>>>> c5fc909539773b77110672c4a55a14a7215f7915
      metaclass (~> 0.0.1)
    multi_json (1.6.1)
    multipart-post (1.2.0)
    nested_form (0.3.2)
<<<<<<< HEAD
    net-scp (1.1.1)
      net-ssh (>= 2.6.5)
    net-ssh (2.6.7)
    newrelic_rpm (3.6.3.111)
    nifty-generators (0.4.6)
    nokogiri (1.5.10)
    nokogiri (1.5.10-x86-mingw32)
    orm_adapter (0.4.0)
    paperclip (3.4.2)
=======
    net-scp (1.1.0)
      net-ssh (>= 2.6.5)
    net-ssh (2.6.7)
    newrelic_rpm (3.6.0.83)
    nifty-generators (0.4.6)
    nokogiri (1.5.9)
    orm_adapter (0.4.0)
    paperclip (3.4.1)
>>>>>>> c5fc909539773b77110672c4a55a14a7215f7915
      activemodel (>= 3.0.0)
      activerecord (>= 3.0.0)
      activesupport (>= 3.0.0)
      cocaine (~> 0.5.0)
      mime-types
<<<<<<< HEAD
    pg (0.15.1)
    pg (0.15.1-x86-mingw32)
=======
    pg (0.14.1)
>>>>>>> c5fc909539773b77110672c4a55a14a7215f7915
    polyglot (0.3.3)
    rack (1.4.5)
    rack-cache (1.2)
      rack (>= 0.4)
    rack-pjax (0.7.0)
      nokogiri (~> 1.5)
      rack (~> 1.3)
    rack-ssl (1.3.3)
      rack
    rack-test (0.6.2)
      rack (>= 1.0)
    rails (3.2.12)
      actionmailer (= 3.2.12)
      actionpack (= 3.2.12)
      activerecord (= 3.2.12)
      activeresource (= 3.2.12)
      activesupport (= 3.2.12)
      bundler (~> 1.0)
      railties (= 3.2.12)
    railties (3.2.12)
      actionpack (= 3.2.12)
      activesupport (= 3.2.12)
      rack-ssl (~> 1.3.2)
      rake (>= 0.8.7)
      rdoc (~> 3.4)
      thor (>= 0.14.6, < 2.0)
<<<<<<< HEAD
    rake (10.0.3)
    rdoc (3.12.2)
      json (~> 1.4)
    remotipart (1.0.5)
    rspec-core (2.13.1)
    rspec-expectations (2.13.0)
      diff-lcs (>= 1.1.3, < 2.0)
    rspec-mocks (2.13.1)
    rspec-rails (2.13.2)
      actionpack (>= 3.0)
      activesupport (>= 3.0)
      railties (>= 3.0)
      rspec-core (~> 2.13.0)
      rspec-expectations (~> 2.13.0)
      rspec-mocks (~> 2.13.0)
=======
    raindrops (0.10.0)
    rake (10.0.3)
    rdoc (3.12.2)
      json (~> 1.4)
    ref (1.0.4)
    remotipart (1.0.5)
    rspec-core (2.12.2)
    rspec-expectations (2.12.1)
      diff-lcs (~> 1.1.3)
    rspec-mocks (2.12.2)
    rspec-rails (2.12.2)
      actionpack (>= 3.0)
      activesupport (>= 3.0)
      railties (>= 3.0)
      rspec-core (~> 2.12.0)
      rspec-expectations (~> 2.12.0)
      rspec-mocks (~> 2.12.0)
>>>>>>> c5fc909539773b77110672c4a55a14a7215f7915
    ruby-hmac (0.4.0)
    safe_yaml (0.9.3)
    sass (3.2.6)
    sass-rails (3.2.6)
      railties (~> 3.2.0)
      sass (>= 3.1.10)
      tilt (~> 1.3)
    simple_form (2.1.0)
      actionpack (~> 3.0)
      activemodel (~> 3.0)
    sprockets (2.2.2)
      hike (~> 1.2)
      multi_json (~> 1.0)
      rack (~> 1.0)
      tilt (~> 1.1, != 1.3.0)
    sqlite3 (1.3.7)
<<<<<<< HEAD
    sqlite3 (1.3.7-x86-mingw32)
    thin (1.5.1)
=======
    therubyracer (0.11.4)
      libv8 (~> 3.11.8.12)
      ref
    thin (1.5.0)
>>>>>>> c5fc909539773b77110672c4a55a14a7215f7915
      daemons (>= 1.0.9)
      eventmachine (>= 0.12.6)
      rack (>= 1.0.0)
    thor (0.17.0)
    tilt (1.3.4)
    treetop (1.4.12)
      polyglot
      polyglot (>= 0.3.1)
    tzinfo (0.3.36)
    uglifier (1.3.0)
      execjs (>= 0.3.0)
      multi_json (~> 1.0, >= 1.0.2)
<<<<<<< HEAD
    uuidtools (2.1.4)
    warden (1.2.1)
      rack (>= 1.0)
    wicked (0.6.1)
=======
    unicorn (4.6.2)
      kgio (~> 2.6)
      rack
      raindrops (~> 0.7)
    uuidtools (2.1.3)
    warden (1.2.1)
      rack (>= 1.0)
    wicked (0.6.0)
>>>>>>> c5fc909539773b77110672c4a55a14a7215f7915
      activesupport (>= 3.0.7)
      rails (>= 3.0.7)
    xml-simple (1.1.2)

PLATFORMS
  ruby
<<<<<<< HEAD
  x86-mingw32

DEPENDENCIES
=======

DEPENDENCIES
  asset_sync
>>>>>>> c5fc909539773b77110672c4a55a14a7215f7915
  aws-s3
  aws-sdk
  cancan
  coffee-rails (~> 3.2.1)
  debugger
  devise
  fog!
  haml
  jquery-rails
  kaminari
  mocha
  newrelic_rpm
  nifty-generators
  paperclip
  pg
  rails (= 3.2.12)
  rails_admin!
  rspec-rails
  sass
  sass-rails (~> 3.2.3)
  sentry-raven!
  simple_form
  sqlite3
<<<<<<< HEAD
  thin
  twitter-bootstrap-rails!
  uglifier (>= 1.0.3)
=======
  therubyracer
  thin
  twitter-bootstrap-rails!
  uglifier (>= 1.0.3)
  unicorn
>>>>>>> c5fc909539773b77110672c4a55a14a7215f7915
  wicked
